GIT
  remote: git://github.com/rchampourlier/guard-shotgun.git
  revision: 99da0f11d5901cfa8844e6bd8b77bcd6dc9b3ea6
  specs:
    guard-shotgun (0.0.5)
      ffi
      guard
      spoon

GEM
  remote: https://rubygems.org/
  specs:
    activemodel (3.2.8)
      activesupport (= 3.2.8)
      builder (~> 3.0.0)
    activeresource (3.2.8)
      activemodel (= 3.2.8)
      activesupport (= 3.2.8)
    activesupport (3.2.8)
      i18n (~> 0.6)
      multi_json (~> 1.0)
    addressable (2.3.2)
    basecamp (0.0.9)
      activeresource (>= 2.3.0)
      oauth2
      xml-simple
    builder (3.0.3)
    coderay (1.0.8)
    diff-lcs (1.1.3)
    eventmachine (1.0.0)
    evernote-thrift (1.22.2)
    execjs (1.4.0)
      multi_json (~> 1.0)
    faraday (0.8.4)
      multipart-post (~> 1.1)
    faraday_middleware (0.8.8)
      faraday (>= 0.7.4, < 0.9)
    ffi (1.1.5)
    flexmock (0.9.0)
    guard (1.5.0)
      listen (>= 0.4.2)
      lumberjack (>= 1.0.2)
      pry (>= 0.9.10)
      thor (>= 0.14.6)
    haml (3.1.7)
    hashie (1.2.0)
    highrise (3.0.3)
      activeresource (~> 3.0)
    hipchat (0.7.0)
      httparty
      httparty
    htmlentities (4.3.1)
    http_parser.rb (0.5.3)
    httparty (0.9.0)
      multi_json (~> 1.0)
      multi_xml
    httpauth (0.2.0)
    i18n (0.6.1)
    jaconda (2.0.2)
      activeresource (>= 2.3.5)
    json (1.7.5)
    jwt (0.1.6)
      multi_json (>= 1.0)
    listen (0.5.3)
    lumberjack (1.0.2)
    mail (2.4.4)
      i18n (>= 0.4.0)
      mime-types (~> 1.16)
      treetop (~> 1.4.8)
    method_source (0.8.1)
    mime-types (1.19)
    multi_json (1.3.6)
    multi_xml (0.5.1)
    multipart-post (1.1.5)
    nokogiri (1.5.5)
    oauth (0.4.7)
    oauth2 (0.9.1)
      faraday (~> 0.8)
      httpauth (~> 0.1)
      jwt (~> 0.1.4)
      multi_json (~> 1.0)
      multi_xml (~> 0.5)
      rack (~> 1.2)
    polyglot (0.3.3)
    pry (0.9.10)
      coderay (~> 1.0.5)
      method_source (~> 0.8)
      slop (~> 3.3.1)
    rack (1.4.1)
    rack-protection (1.2.0)
      rack
    rack-test (0.6.1)
      rack (>= 1.0)
    rake (0.9.2.2)
    rest-client (1.6.7)
      mime-types (>= 1.16)
    rspec (2.5.0)
      rspec-core (~> 2.5.0)
      rspec-expectations (~> 2.5.0)
      rspec-mocks (~> 2.5.0)
    rspec-core (2.5.2)
    rspec-expectations (2.5.0)
      diff-lcs (~> 1.1.2)
    rspec-mocks (2.5.0)
    ruby-trello (0.5.1)
      activemodel
      addressable (~> 2.3)
      json
      oauth (~> 0.4.5)
      rest-client (~> 1.6.7)
    simple_oauth (0.1.9)
    sinatra (1.3.2)
      rack (~> 1.3, >= 1.3.6)
      rack-protection (~> 1.2)
      tilt (~> 1.3, >= 1.3.3)
    sinatra-initializers (0.1.4)
    slop (3.3.3)
    spoon (0.0.1)
    thor (0.16.0)
    tilt (1.3.3)
    tinder (1.9.1)
      eventmachine (>= 0.12.0, < 2)
      faraday (~> 0.8)
      faraday_middleware (~> 0.8)
      hashie (~> 1.0)
      json (~> 1.6)
      mime-types (~> 1.16)
      multi_json (~> 1.0)
      multipart-post (~> 1.1)
      twitter-stream (~> 0.1)
    treetop (1.4.10)
      polyglot
      polyglot (>= 0.3.1)
    twitter-stream (0.1.16)
      eventmachine (>= 0.12.8)
      http_parser.rb (~> 0.5.1)
      simple_oauth (~> 0.1.4)
    xml-simple (1.1.2)

PLATFORMS
  ruby

DEPENDENCIES
  activesupport
  addressable
  basecamp
  evernote-thrift
  execjs
  faraday
  faraday_middleware
  flexmock
  guard-shotgun!
  haml
  hashie
  highrise
  hipchat
  htmlentities
  jaconda
  mail
  nokogiri
  rack-test
  rake
  rspec
  ruby-trello
  sinatra
  sinatra-initializers
  thor
  tinder
